GIT
  remote: git@gitlab.com:kuebiko/ruby-kuebiko.git
  revision: 8feb3b05db323959bddf6d4c45df4a179794f539
  branch: master
  specs:
    kuebiko (0.0.1)
      celluloid
      hashie (~> 2.1)
      mosquitto
      virtus (~> 1.0.2)

GEM
  remote: https://rubygems.org/
  specs:
    axiom-types (0.1.1)
      descendants_tracker (~> 0.0.4)
      ice_nine (~> 0.11.0)
      thread_safe (~> 0.3, >= 0.3.1)
    bson (1.10.2)
    bson_ext (1.10.2)
      bson (~> 1.10.2)
    byebug (3.1.2)
      columnize (~> 0.8)
      debugger-linecache (~> 1.2)
    celluloid (0.15.2)
      timers (~> 1.1.0)
    coercible (1.0.0)
      descendants_tracker (~> 0.0.1)
    columnize (0.8.9)
    debugger-linecache (1.2.0)
    descendants_tracker (0.0.4)
      thread_safe (~> 0.3, >= 0.3.1)
    equalizer (0.0.9)
    hashie (2.1.2)
    ice_nine (0.11.0)
    mongo (1.10.2)
      bson (= 1.10.2)
    mosquitto (0.3)
    thread_safe (0.3.4)
    timers (1.1.0)
    virtus (1.0.2)
      axiom-types (~> 0.1)
      coercible (~> 1.0)
      descendants_tracker (~> 0.0.3)
      equalizer (~> 0.0.9)

PLATFORMS
  ruby

DEPENDENCIES
  bson_ext
  byebug
  kuebiko!
  mongo
