GIT
  remote: git@gitlab.com:kuebiko/ruby-kuebiko.git
  revision: 64cde2bcf7ce7602fadea7c6c84d509893330347
  branch: master
  specs:
    kuebiko (0.0.1)
      celluloid
      hashie (>= 2.1)
      mosquitto
      virtus (>= 1.0.2)

GEM
  remote: https://rubygems.org/
  specs:
    axiom-types (0.1.1)
      descendants_tracker (~> 0.0.4)
      ice_nine (~> 0.11.0)
      thread_safe (~> 0.3, >= 0.3.1)
    bson (1.10.2)
    bson_ext (1.10.2)
      bson (~> 1.10.2)
    byebug (3.4.0)
      columnize (~> 0.8)
      debugger-linecache (~> 1.2)
      slop (~> 3.6)
    celluloid (0.16.0)
      timers (~> 4.0.0)
    coercible (1.0.0)
      descendants_tracker (~> 0.0.1)
    columnize (0.8.9)
    debugger-linecache (1.2.0)
    descendants_tracker (0.0.4)
      thread_safe (~> 0.3, >= 0.3.1)
    equalizer (0.0.9)
    hashie (3.3.1)
    hitimes (1.2.2)
    ice_nine (0.11.0)
    mongo (1.10.2)
      bson (= 1.10.2)
    mosquitto (0.3)
    slop (3.6.0)
    thread_safe (0.3.4)
    timers (4.0.1)
      hitimes
    virtus (1.0.3)
      axiom-types (~> 0.1)
      coercible (~> 1.0)
      descendants_tracker (~> 0.0, >= 0.0.3)
      equalizer (~> 0.0, >= 0.0.9)

PLATFORMS
  ruby

DEPENDENCIES
  bson_ext
  byebug
  kuebiko!
  mongo
