GIT
  remote: git@gitlab.com:kuebiko/ruby-kuebiko.git
  revision: 73b99e269ec349d2005d5e1178870bb68f762e55
  branch: master
  specs:
    kuebiko (0.0.1)
      hashie (~> 2.1)
      mqtt
      virtus (~> 1.0.2)

GEM
  remote: https://rubygems.org/
  specs:
    axiom-types (0.1.1)
      descendants_tracker (~> 0.0.4)
      ice_nine (~> 0.11.0)
      thread_safe (~> 0.3, >= 0.3.1)
    coercible (1.0.0)
      descendants_tracker (~> 0.0.1)
    descendants_tracker (0.0.4)
      thread_safe (~> 0.3, >= 0.3.1)
    elasticsearch (1.0.2)
      elasticsearch-api (= 1.0.2)
      elasticsearch-transport (= 1.0.2)
    elasticsearch-api (1.0.2)
      multi_json
    elasticsearch-transport (1.0.2)
      faraday
      multi_json
    equalizer (0.0.9)
    faraday (0.9.0)
      multipart-post (>= 1.2, < 3)
    hashie (2.1.1)
    ice_nine (0.11.0)
    mqtt (0.2.0)
    multi_json (1.10.1)
    multipart-post (2.0.0)
    thread_safe (0.3.3)
    virtus (1.0.2)
      axiom-types (~> 0.1)
      coercible (~> 1.0)
      descendants_tracker (~> 0.0.3)
      equalizer (~> 0.0.9)

PLATFORMS
  ruby

DEPENDENCIES
  elasticsearch
  kuebiko!
