GIT
  remote: git@gitlab.com:kuebiko/ruby-kuebiko.git
  revision: d1262e782d758fee51b9453b6090956d6dc42fd1
  branch: master
  specs:
    kuebiko (0.0.2)
      celluloid
      hashie
      mosquitto
      virtus

GEM
  remote: https://rubygems.org/
  specs:
    axiom-types (0.1.1)
      descendants_tracker (~> 0.0.4)
      ice_nine (~> 0.11.0)
      thread_safe (~> 0.3, >= 0.3.1)
    bson (1.12.1)
    bson_ext (1.12.1)
      bson (~> 1.12.1)
    byebug (4.0.5)
      columnize (= 0.9.0)
    celluloid (0.16.0)
      timers (~> 4.0.0)
    coercible (1.0.0)
      descendants_tracker (~> 0.0.1)
    columnize (0.9.0)
    descendants_tracker (0.0.4)
      thread_safe (~> 0.3, >= 0.3.1)
    equalizer (0.0.11)
    hashie (3.4.1)
    hitimes (1.2.2)
    ice_nine (0.11.1)
    mongo (1.12.1)
      bson (= 1.12.1)
    mosquitto (0.3)
    thread_safe (0.3.5)
    timers (4.0.1)
      hitimes
    virtus (1.0.5)
      axiom-types (~> 0.1)
      coercible (~> 1.0)
      descendants_tracker (~> 0.0, >= 0.0.3)
      equalizer (~> 0.0, >= 0.0.9)

PLATFORMS
  ruby

DEPENDENCIES
  bson_ext
  byebug
  kuebiko!
  mongo
